PATH
  remote: .
  specs:
    chat_cli (0.1.0)
      dotenv (~> 2.8)
      ruby-openai (~> 3.6)
      thor (~> 1.2)

GEM
  remote: https://rubygems.org/
  specs:
    dotenv (2.8.1)
    httparty (0.21.0)
      mini_mime (>= 1.0.0)
      multi_xml (>= 0.5.2)
    mini_mime (1.1.2)
    multi_xml (0.6.0)
    rake (12.3.3)
    ruby-openai (3.7.0)
      httparty (>= 0.18.1)
    thor (1.2.1)

PLATFORMS
  x86_64-darwin-21

DEPENDENCIES
  chat_cli!
  rake (~> 12.3)

BUNDLED WITH
   2.4.9
